PATH
  remote: .
  specs:
    mini_defender (0.1.0)

GEM
  remote: https://rubygems.org/
  specs:
    minitest (5.16.3)
    rake (13.0.6)

PLATFORMS
  arm64-darwin-21

DEPENDENCIES
  mini_defender!
  minitest (~> 5.0)
  rake (~> 13.0)

BUNDLED WITH
   2.3.20
